GIT
  remote: https://github.com/mojombo/jekyll.git
  revision: 5c788582a875dba625c161e2074cf6b39783a1ce
  specs:
    jekyll (0.12.0)
      classifier (~> 1.3)
      commander (~> 4.1.3)
      directory_watcher (~> 1.1)
      kramdown (~> 0.14)
      liquid (~> 2.3)
      maruku (~> 0.5)
      pygments.rb (~> 0.3.2)
      safe_yaml (~> 0.7)

GEM
  remote: http://rubygems.org/
  specs:
    RedCloth (4.2.9)
    chunky_png (1.2.7)
    classifier (1.3.3)
      fast-stemmer (>= 1.0.0)
    commander (4.1.3)
      highline (~> 1.6.11)
    compass (0.12.2)
      chunky_png (~> 1.2)
      fssm (>= 0.2.7)
      sass (~> 3.1)
    directory_watcher (1.4.1)
    fast-stemmer (1.0.2)
    ffi (1.0.10)
    fssm (0.2.10)
    haml (4.0.0)
      tilt
    highline (1.6.15)
    kramdown (0.14.2)
    liquid (2.4.1)
    maruku (0.6.1)
      syntax (>= 1.0.0)
    posix-spawn (0.3.6)
    pygments.rb (0.3.7)
      posix-spawn (~> 0.3.6)
      yajl-ruby (~> 1.1.0)
    rack (1.5.2)
    rack-protection (1.4.0)
      rack
    rake (0.9.2.2)
    rb-fsevent (0.9.3)
    redcarpet (1.17.2)
    rubypants (0.2.0)
    safe_yaml (0.8.4)
    sass (3.2.6)
    sinatra (1.3.5)
      rack (~> 1.4)
      rack-protection (~> 1.3)
      tilt (~> 1.3, >= 1.3.3)
    stringex (1.5.1)
    syntax (1.0.0)
    tilt (1.3.4)
    yajl-ruby (1.1.0)

PLATFORMS
  ruby

DEPENDENCIES
  RedCloth
  compass (>= 0.11)
  ffi (= 1.0.10)
  haml (>= 3.1)
  jekyll!
  liquid
  pygments.rb
  rack
  rake (= 0.9.2.2)
  rb-fsevent
  redcarpet (= 1.17.2)
  rubypants
  sinatra (~> 1.3.5)
  stringex
